GEM
  remote: https://rubygems.org/
  specs:
    CFPropertyList (2.1.1)
    apktools (0.6.0)
      rubyzip
    coderay (1.1.0)
    ipa_reader (0.7.1)
      CFPropertyList (= 2.1.1)
      zip (= 2.0.2)
    method_source (0.8.2)
    pry (0.10.1)
      coderay (~> 1.1.0)
      method_source (~> 0.8.1)
      slop (~> 3.4)
    rubyzip (1.0.0)
    slop (3.6.0)
    zip (2.0.2)

PLATFORMS
  ruby

DEPENDENCIES
  apktools
  ipa_reader
  pry
  rubyzip (~> 1.0.0)

BUNDLED WITH
   1.10.6
