GEM
  remote: https://rubygems.org/
  specs:
    apktools (0.6.0)
      rubyzip
    coderay (1.1.0)
    method_source (0.8.2)
    pry (0.10.1)
      coderay (~> 1.1.0)
      method_source (~> 0.8.1)
      slop (~> 3.4)
    rubyzip (0.9.9)
    slop (3.6.0)

PLATFORMS
  ruby

DEPENDENCIES
  apktools
  pry
  rubyzip (~> 0.9.9)

BUNDLED WITH
   1.10.6
